GEM
  remote: https://rubygems.org/
  specs:
    active_support (3.0.0)
      activesupport (= 3.0.0)
    activesupport (3.0.0)
    gga4r (0.9.2)
    logger (1.2.8)

PLATFORMS
  ruby

DEPENDENCIES
  active_support
  gga4r
  logger
